GEM
  remote: https://rubygems.org/
  specs:
    ast (2.4.2)
    chunky_png (1.4.0)
    ffi (1.15.5)
    mittsu (0.4.0)
      chunky_png
      ffi
      opengl-bindings
    opal (1.7.2)
      ast (>= 2.3.0)
      parser (~> 3.0, >= 3.0.3.2)
    opengl-bindings (1.6.13)
    parser (3.2.0.0)
      ast (~> 2.4.1)

PLATFORMS
  x86_64-linux

DEPENDENCIES
  mittsu
  opal

BUNDLED WITH
   2.4.5
